PATH
  remote: .
  specs:
    fluent-plugin-sndacs (0.0.2)
      fluentd (~> 0.10.28)
      sndacs (~> 0.2.4)

GEM
  remote: http://rubygems.org/
  specs:
    cool.io (1.1.0)
      iobuffer (>= 1.0.0)
    fluentd (0.10.28)
      cool.io (~> 1.1.0)
      http_parser.rb (~> 0.5.1)
      json (>= 1.4.3)
      msgpack (~> 0.4.4)
      yajl-ruby (~> 1.0)
    http_parser.rb (0.5.3)
    iobuffer (1.1.2)
    json (1.7.5)
    mime-types (1.19)
    msgpack (0.4.7)
    proxies (0.2.1)
    sndacs (0.2.4)
      mime-types
      proxies (~> 0.2.0)
    yajl-ruby (1.1.0)

PLATFORMS
  ruby

DEPENDENCIES
  fluent-plugin-sndacs!
